GEM
  remote: http://ruby.taobao.org/
  specs:
    colored (1.2)
    git (1.2.5)
    jeweler (1.8.3)
      bundler (~> 1.0)
      git (>= 1.2.5)
      rake
      rdoc
    json (1.7.3)
    mysql2 (0.3.11)
    rake (0.9.2.2)
    rcov (0.9.11)
    rdoc (3.12)
      json (~> 1.4)
    shoulda (3.0.1)
      shoulda-context (~> 1.0.0)
      shoulda-matchers (~> 1.0.0)
    shoulda-context (1.0.0)
    shoulda-matchers (1.0.0)

PLATFORMS
  ruby

DEPENDENCIES
  bundler (~> 1.1.3)
  colored
  jeweler (~> 1.8.3)
  mysql2
  rcov (= 0.9.11)
  rdoc (~> 3.12)
  shoulda
